GEM
  remote: http://rubygems.org/
  specs:
    PriorityQueue (0.1.2)
    RubyInline (3.12.0)
      ZenTest (~> 4.3)
    ZenTest (4.8.3)
    ruby-prof (0.12.1)

PLATFORMS
  ruby

DEPENDENCIES
  PriorityQueue
  RubyInline
  ruby-prof
